GEM
  remote: https://rubygems.org/
  specs:
    power_assert (1.1.7)
    test-unit (3.0.7)
      power_assert

PLATFORMS
  ruby

DEPENDENCIES
  test-unit (= 3.0.7)

BUNDLED WITH
   1.14.6
